PATH
  remote: .
  specs:
    graphql_scaffold (0.0.2)

GEM
  remote: https://rubygems.org/
  specs:
    rake (13.0.6)

PLATFORMS
  x86_64-darwin-20

DEPENDENCIES
  graphql_scaffold!
  rake (~> 13.0)

BUNDLED WITH
   2.2.3
